GEM
  remote: https://rubygems.org/
  specs:
    bigdecimal (3.1.8)
    oj (3.16.7)
      bigdecimal (>= 3.0)
      ostruct (>= 0.2)
    ostruct (0.6.1)
    subprocess (1.5.6)

PLATFORMS
  arm64-darwin-23
  ruby

DEPENDENCIES
  oj (~> 3.16)
  subprocess (~> 1.5)

BUNDLED WITH
   2.5.19
